GEM
  remote: https://rubygems.org/
  specs:
    activesupport (4.2.0)
      i18n (~> 0.7)
      json (~> 1.7, >= 1.7.7)
      minitest (~> 5.1)
      thread_safe (~> 0.3, >= 0.3.4)
      tzinfo (~> 1.1)
    ansi (1.5.0)
    awesome_print (1.6.1)
    bson (2.3.0-java)
    builder (3.2.2)
    coderay (1.1.0)
    datasift (3.1.3)
      multi_json (>= 1.7)
      rest-client (~> 1.6)
      websocket-td (~> 0.0.4)
    dotenv (1.0.2)
    ffi (1.9.6-java)
    i18n (0.7.0)
    json (1.8.2-java)
    method_source (0.8.2)
    mime-types (2.4.3)
    minitest (5.5.1)
    minitest-reporters (1.0.8)
      ansi
      builder
      minitest (>= 5.0)
      ruby-progressbar
    mongo (1.3.1)
      bson (>= 1.3.1)
    multi_json (1.10.1)
    netrc (0.10.2)
    nokogiri (1.6.6.1-java)
    pry (0.10.1-java)
      coderay (~> 1.1.0)
      method_source (~> 0.8.1)
      slop (~> 3.4)
      spoon (~> 0.0)
    rake (10.4.2)
    rest-client (1.7.2)
      mime-types (>= 1.16, < 3.0)
      netrc (~> 0.7)
    ruby-progressbar (1.7.1)
    slop (3.6.0)
    spoon (0.0.4)
      ffi
    thread_safe (0.3.4-java)
    tzinfo (1.2.2)
      thread_safe (~> 0.1)
    websocket (1.1.4)
    websocket-td (0.0.5)
      websocket (~> 1.1.1)

PLATFORMS
  java

DEPENDENCIES
  activesupport
  awesome_print
  bson
  datasift
  dotenv
  minitest-reporters
  mongo
  nokogiri
  pry
  rake
